GEM
  remote: https://rubygems.org/
  specs:
    benchmark (0.4.1)
    bigdecimal (3.1.8)
    csv (3.3.2)
    date (3.4.1)
    debug (1.11.0)
      irb (~> 1.10)
      reline (>= 0.3.8)
    erb (5.0.2)
    faraday (2.9.0)
      faraday-net_http (>= 2.0, < 3.2)
    faraday-mashify (0.1.1)
      faraday (~> 2.0)
      hashie
    faraday-multipart (1.0.4)
      multipart-post (~> 2)
    faraday-net_http (3.1.0)
      net-http
    ffi (1.17.0)
    gli (2.21.1)
    google-protobuf (4.27.5)
      bigdecimal
      rake (>= 13)
    hashie (5.0.0)
    io-console (0.8.1)
    irb (1.15.2)
      pp (>= 0.6.0)
      rdoc (>= 4.0.0)
      reline (>= 0.4.2)
    kramdown (2.4.0)
      rexml
    listen (3.9.0)
      rb-fsevent (~> 0.10, >= 0.10.3)
      rb-inotify (~> 0.9, >= 0.9.10)
    logger (1.6.5)
    minitest (5.25.4)
    multipart-post (2.4.1)
    net-http (0.4.1)
      uri
    ostruct (0.6.3)
    pp (0.6.2)
      prettyprint
    prettyprint (0.2.0)
    psych (5.2.6)
      date
      stringio
    rake (13.2.1)
    rb-fsevent (0.11.2)
    rb-inotify (0.11.1)
      ffi (~> 1.0)
    rdoc (6.14.2)
      erb
      psych (>= 4.0.0)
    reline (0.6.2)
      io-console (~> 0.5)
    rexml (3.3.9)
    sass-embedded (1.77.8)
      google-protobuf (~> 4.26)
      rake (>= 13)
    slack-ruby-client (2.4.0)
      faraday (>= 2.0)
      faraday-mashify
      faraday-multipart
      gli
      hashie
    stringio (3.1.7)
    uri (0.13.2)
    victor (0.3.4)
    webrick (1.8.2)

PLATFORMS
  ruby

DEPENDENCIES
  benchmark
  csv
  debug
  kramdown
  listen
  logger
  minitest
  ostruct
  rake
  sass-embedded
  slack-ruby-client
  victor
  webrick

BUNDLED WITH
   2.6.2
