GEM
  remote: https://rubygems.org/
  specs:
    bigdecimal (3.1.8)
    faraday (2.9.0)
      faraday-net_http (>= 2.0, < 3.2)
    faraday-mashify (0.1.1)
      faraday (~> 2.0)
      hashie
    faraday-multipart (1.0.4)
      multipart-post (~> 2)
    faraday-net_http (3.1.0)
      net-http
    ffi (1.17.0)
    gli (2.21.1)
    google-protobuf (4.27.5)
      bigdecimal
      rake (>= 13)
    hashie (5.0.0)
    kramdown (2.4.0)
      rexml
    listen (3.9.0)
      rb-fsevent (~> 0.10, >= 0.10.3)
      rb-inotify (~> 0.9, >= 0.9.10)
    logger (1.6.5)
    minitest (5.11.3)
    multipart-post (2.4.1)
    net-http (0.4.1)
      uri
    rake (13.2.1)
    rb-fsevent (0.11.2)
    rb-inotify (0.11.1)
      ffi (~> 1.0)
    rexml (3.3.9)
    sass-embedded (1.77.8)
      google-protobuf (~> 4.26)
      rake (>= 13)
    slack-ruby-client (2.4.0)
      faraday (>= 2.0)
      faraday-mashify
      faraday-multipart
      gli
      hashie
    uri (0.13.0)
    victor (0.3.4)
    webrick (1.8.2)

PLATFORMS
  ruby

DEPENDENCIES
  kramdown
  listen
  logger
  minitest (~> 5.11.3)
  rake
  sass-embedded
  slack-ruby-client
  victor
  webrick

BUNDLED WITH
   2.6.2
