GEM
  remote: https://rubygems.org/
  specs:
    base64 (0.3.0)

PLATFORMS
  ruby

DEPENDENCIES
  base64

BUNDLED WITH
   2.7.1
