GEM
  remote: https://rubygems.org/
  specs:
    aws-eventstream (1.3.0)
    aws-partitions (1.977.0)
    aws-sdk-core (3.208.0)
      aws-eventstream (~> 1, >= 1.3.0)
      aws-partitions (~> 1, >= 1.651.0)
      aws-sigv4 (~> 1.9)
      jmespath (~> 1, >= 1.6.1)
    aws-sdk-ec2 (1.476.0)
      aws-sdk-core (~> 3, >= 3.207.0)
      aws-sigv4 (~> 1.5)
    aws-sigv4 (1.10.0)
      aws-eventstream (~> 1, >= 1.0.2)
    base64 (0.2.0)
    fiddle (1.1.2)
    jmespath (1.6.2)
    logger (1.6.1)
    nokogiri (1.18.3-arm64-darwin)
      racc (~> 1.4)
    nokogiri (1.18.3-x86_64-linux-gnu)
      racc (~> 1.4)
    ostruct (0.6.0)
    racc (1.8.1)

PLATFORMS
  arm64-darwin
  x86_64-linux

DEPENDENCIES
  aws-sdk-ec2 (~> 1)
  base64
  fiddle
  logger
  nokogiri
  ostruct

BUNDLED WITH
   2.5.18
